GEM
  remote: https://rubygems.org/
  specs:
    coderay (1.1.3)
    method_source (1.0.0)
    pry (0.13.1)
      coderay (~> 1.1)
      method_source (~> 1.0)
    stackprof (0.2.16)

PLATFORMS
  ruby

DEPENDENCIES
  pry
  stackprof

BUNDLED WITH
   2.1.4
